GEM
  remote: https://rubygems.org/
  specs:
    byebug (11.1.3)
    diff-lcs (1.5.1)
    dogstatsd-ruby (5.6.1)
    nio4r (2.7.0)
    puma (6.4.2)
      nio4r (~> 2.0)
    rack (3.0.11)
    rack-test (2.1.0)
      rack (>= 1.3)
    roda (3.80.0)
      rack
    rspec (3.13.0)
      rspec-core (~> 3.13.0)
      rspec-expectations (~> 3.13.0)
      rspec-mocks (~> 3.13.0)
    rspec-core (3.13.0)
      rspec-support (~> 3.13.0)
    rspec-expectations (3.13.0)
      diff-lcs (>= 1.2.0, < 2.0)
      rspec-support (~> 3.13.0)
    rspec-mocks (3.13.0)
      diff-lcs (>= 1.2.0, < 2.0)
      rspec-support (~> 3.13.0)
    rspec-support (3.13.0)

PLATFORMS
  ruby

DEPENDENCIES
  byebug
  dogstatsd-ruby
  puma
  rack-test
  roda
  rspec

RUBY VERSION
   ruby 3.1.4p223

BUNDLED WITH
   2.3.26
