GEM
  remote: https://rubygems.org/
  specs:
    byebug (11.1.3)
    diff-lcs (1.5.0)
    dogstatsd-ruby (5.5.0)
    nio4r (2.5.8)
    puma (6.0.2)
      nio4r (~> 2.0)
    rack (3.0.4.1)
    rack-test (2.0.2)
      rack (>= 1.3)
    roda (3.64.0)
      rack
    rspec (3.12.0)
      rspec-core (~> 3.12.0)
      rspec-expectations (~> 3.12.0)
      rspec-mocks (~> 3.12.0)
    rspec-core (3.12.0)
      rspec-support (~> 3.12.0)
    rspec-expectations (3.12.0)
      diff-lcs (>= 1.2.0, < 2.0)
      rspec-support (~> 3.12.0)
    rspec-mocks (3.12.0)
      diff-lcs (>= 1.2.0, < 2.0)
      rspec-support (~> 3.12.0)
    rspec-support (3.12.0)

PLATFORMS
  ruby

DEPENDENCIES
  byebug
  dogstatsd-ruby
  puma
  rack-test
  roda
  rspec

RUBY VERSION
   ruby 3.1.2p20

BUNDLED WITH
   2.3.7
