GEM
  remote: https://rubygems.org/
  specs:
    byebug (9.0.5)
    diff-lcs (1.2.5)
    dogstatsd-ruby (2.0.0)
    puma (3.6.0)
    rack (2.0.6)
    rack-test (0.6.3)
      rack (>= 1.0)
    roda (2.18.0)
      rack
    rspec (3.5.0)
      rspec-core (~> 3.5.0)
      rspec-expectations (~> 3.5.0)
      rspec-mocks (~> 3.5.0)
    rspec-core (3.5.3)
      rspec-support (~> 3.5.0)
    rspec-expectations (3.5.0)
      diff-lcs (>= 1.2.0, < 2.0)
      rspec-support (~> 3.5.0)
    rspec-mocks (3.5.0)
      diff-lcs (>= 1.2.0, < 2.0)
      rspec-support (~> 3.5.0)
    rspec-support (3.5.0)

PLATFORMS
  ruby

DEPENDENCIES
  byebug
  dogstatsd-ruby
  puma
  rack-test
  roda
  rspec

RUBY VERSION
   ruby 2.3.1p112

BUNDLED WITH
   1.14.5
